GEM
  remote: https://rubygems.org/
  specs:
    aws-eventstream (1.2.0)
    aws-partitions (1.615.0)
    aws-sdk-core (3.131.6)
      aws-eventstream (~> 1, >= 1.0.2)
      aws-partitions (~> 1, >= 1.525.0)
      aws-sigv4 (~> 1.1)
      jmespath (~> 1, >= 1.6.1)
    aws-sdk-lambda (1.84.0)
      aws-sdk-core (~> 3, >= 3.127.0)
      aws-sigv4 (~> 1.1)
    aws-sigv4 (1.5.1)
      aws-eventstream (~> 1, >= 1.0.2)
    gpgme (2.0.20)
      mini_portile2 (~> 2.3)
    jmespath (1.6.1)
    mini_portile2 (2.8.0)
    nokogiri (1.13.8-x86_64-linux)
      racc (~> 1.4)
    racc (1.6.0)
    rake (13.0.6)

PLATFORMS
  x86_64-linux

DEPENDENCIES
  aws-sdk-lambda
  gpgme
  nokogiri
  rake

BUNDLED WITH
   2.3.19
